FRAMEWORK: >= NET45
NUGET
  remote: https://nuget.org/api/v2
  specs:
    NUnit (2.6.4)
    StyleCop.Analyzers (1.0.0-beta015)
