

GROUP Analyzers
RESTRICTION: >= net45
NUGET
  remote: http://www.nuget.org/api/v2
    JetBrains.Annotations (11.0)
    StyleCop.Analyzers (1.0.2)
    WpfAnalyzers (0.2.7.10)

GROUP Build
RESTRICTION: >= net45
NUGET
  remote: http://www.nuget.org/api/v2
    SourceLink.Create.CommandLine (2.2)

GROUP Test
RESTRICTION: >= net45
NUGET
  remote: http://www.nuget.org/api/v2
    Gu.Wpf.UiAutomation (0.1.9-dev)
    NUnit (3.8.1)
