FRAMEWORK: >= NET45
NUGET
  remote: http://www.nuget.org/api/v2
  specs:
    Castle.Core (3.3.3)
    JetBrains.Annotations (10.0.0)
    NUnit (3.0.1)
    StyleCop.Analyzers (1.0.0-rc2)
    TestStack.White (0.13.3)
      Castle.Core (>= 3.3.0)
